NUGET
  remote: https://api.nuget.org/v3/index.json
    canopy (2.1)
      FSharp.Core (>= 4.3.4) - restriction: >= netstandard2.0
      Selenium.WebDriver (>= 3.14) - restriction: >= netstandard2.0
      System.Drawing.Common (>= 4.5) - restriction: >= netstandard2.0
    FSharp.Core (4.5.2) - restriction: >= netstandard2.0
    Microsoft.NETCore.Platforms (2.1.1) - restriction: >= netcoreapp2.0
    Microsoft.Win32.SystemEvents (4.5) - restriction: >= netcoreapp2.0
      Microsoft.NETCore.Platforms (>= 2.0) - restriction: >= netcoreapp2.0
    Newtonsoft.Json (11.0.2) - restriction: && (< net35) (>= netstandard2.0)
    Selenium.WebDriver (3.14) - restriction: >= netstandard2.0
      Newtonsoft.Json (>= 10.0.3) - restriction: && (< net35) (>= netstandard2.0)
    System.Drawing.Common (4.5.1) - restriction: >= netstandard2.0
      Microsoft.NETCore.Platforms (>= 2.0) - restriction: >= netcoreapp2.0
      Microsoft.Win32.SystemEvents (>= 4.5) - restriction: >= netcoreapp2.0
